GEM
  remote: http://rubygems.org/
  specs:
    diff-lcs (1.1.2)
    i18n (0.6.0)
    money (3.7.1)
      i18n (~> 0.4)
    nokogiri (1.5.0)
    rspec (2.6.0)
      rspec-core (~> 2.6.0)
      rspec-expectations (~> 2.6.0)
      rspec-mocks (~> 2.6.0)
    rspec-core (2.6.4)
    rspec-expectations (2.6.0)
      diff-lcs (~> 1.1.2)
    rspec-mocks (2.6.0)

PLATFORMS
  ruby

DEPENDENCIES
  money
  nokogiri (= 1.5.0)
  rspec
